GEM
  remote: https://rubygems.org/
  specs:
    activemodel (5.1.4)
      activesupport (= 5.1.4)
    activesupport (5.1.4)
      concurrent-ruby (~> 1.0, >= 1.0.2)
      i18n (~> 0.7)
      minitest (~> 5.1)
      tzinfo (~> 1.1)
    addressable (2.5.2)
      public_suffix (>= 2.0.2, < 4.0)
    bcrypt (3.1.11)
    bcrypt-ruby (3.1.5)
      bcrypt (>= 3.1.3)
    climate_control (0.2.0)
    cocaine (0.5.8)
      climate_control (>= 0.0.3, < 1.0)
    concurrent-ruby (1.0.5)
    daemons (1.2.3)
    datamapper (1.2.0)
      dm-aggregates (~> 1.2.0)
      dm-constraints (~> 1.2.0)
      dm-core (~> 1.2.0)
      dm-migrations (~> 1.2.0)
      dm-serializer (~> 1.2.0)
      dm-timestamps (~> 1.2.0)
      dm-transactions (~> 1.2.0)
      dm-types (~> 1.2.0)
      dm-validations (~> 1.2.0)
    dbd-odbc (0.2.5)
      dbi (>= 0.4.0)
    dbi (0.4.5)
      deprecated (= 2.0.1)
    deprecated (2.0.1)
    dm-aggregates (1.2.0)
      dm-core (~> 1.2.0)
    dm-constraints (1.2.0)
      dm-core (~> 1.2.0)
    dm-core (1.2.1)
      addressable (~> 2.3)
    dm-migrations (1.2.0)
      dm-core (~> 1.2.0)
    dm-serializer (1.2.2)
      dm-core (~> 1.2.0)
      fastercsv (~> 1.5)
      json (~> 1.6)
      json_pure (~> 1.6)
      multi_json (~> 1.0)
    dm-timestamps (1.2.0)
      dm-core (~> 1.2.0)
    dm-transactions (1.2.0)
      dm-core (~> 1.2.0)
    dm-types (1.2.2)
      bcrypt-ruby (~> 3.0)
      dm-core (~> 1.2.0)
      fastercsv (~> 1.5)
      json (~> 1.6)
      multi_json (~> 1.0)
      stringex (~> 1.4)
      uuidtools (~> 2.1)
    dm-validations (1.2.0)
      dm-core (~> 1.2.0)
    eventmachine (1.2.0.1)
    fastercsv (1.5.5)
    geokit (1.11.0)
    i18n (0.9.1)
      concurrent-ruby (~> 1.0)
    json (1.8.6)
    json_pure (1.8.6)
    mail (2.6.6)
      mime-types (>= 1.16, < 4)
    mime-types (3.1)
      mime-types-data (~> 3.2015)
    mime-types-data (3.2016.0521)
    mimemagic (0.3.2)
    mini_portile2 (2.3.0)
    minitest (5.10.3)
    multi_json (1.12.2)
    mustermann (1.0.1)
    mysql (2.9.1)
    mysql2 (0.4.10)
    nokogiri (1.8.1)
      mini_portile2 (~> 2.3.0)
    paperclip (5.1.0)
      activemodel (>= 4.2.0)
      activesupport (>= 4.2.0)
      cocaine (~> 0.5.5)
      mime-types
      mimemagic (~> 0.3.0)
    paperclip-rack (0.0.2)
      paperclip (>= 3.0)
    pony (1.11)
      mail (>= 2.0)
    public_suffix (3.0.1)
    rack (2.0.3)
    rack-flash3 (1.0.5)
      rack
    rack-protection (2.0.0)
      rack
    rake (12.2.1)
    sinatra (2.0.0)
      mustermann (~> 1.0)
      rack (~> 2.0)
      rack-protection (= 2.0.0)
      tilt (~> 2.0)
    sinatra-strong-params (0.0.3)
      sinatra (>= 1.4.0)
    stringex (1.5.1)
    thin (1.7.2)
      daemons (~> 1.0, >= 1.0.9)
      eventmachine (~> 1.0, >= 1.0.4)
      rack (>= 1, < 3)
    thread_safe (0.3.6)
    tilt (2.0.8)
    tzinfo (1.2.4)
      thread_safe (~> 0.1)
    uuidtools (2.1.5)

PLATFORMS
  ruby

DEPENDENCIES
  bcrypt-ruby (~> 3.1.2)
  datamapper
  dbd-odbc
  dbi
  geokit
  json
  mail (~> 2.6.0)
  mysql
  mysql2
  nokogiri
  paperclip
  paperclip-rack
  pony (~> 1.11.0)
  rack-flash3
  rake
  sinatra
  sinatra-strong-params
  thin

BUNDLED WITH
   1.16.1
